GEM
  remote: https://rubygems.org/
  specs:
    bitarray (1.2.0)
    murmurhash3 (0.1.6)
    murmurhash3 (0.1.6-java)
    yard (0.9.35)

PLATFORMS
  java
  ruby

DEPENDENCIES
  bitarray
  murmurhash3
  yard

BUNDLED WITH
   2.4.2
