GEM
  remote: https://rubygems.org/
  specs:
    bitarray (1.2.0)
    murmurhash3 (0.1.6-java)

PLATFORMS
  java

DEPENDENCIES
  bitarray
  murmurhash3

BUNDLED WITH
   2.0.2
